GEM
  remote: https://rubygems.org/
  specs:
    nio4r (2.7.4)
    puma (6.5.0)
      nio4r (~> 2.0)
    rack (3.1.8)

PLATFORMS
  aarch64-linux
  ruby

DEPENDENCIES
  puma (~> 6.5)
  rack (~> 3.1)

BUNDLED WITH
   2.5.22
